NUGET
  remote: https://nuget.org/api/v2
  specs:
    FAKE (3.32.4)
    FSharp.Core (3.1.2.1)
